GEM
  remote: http://rubygems.org/
  specs:
    RedCloth (4.2.7)
    bcrypt-ruby (2.1.4)
    capybara (0.4.1.2)
      celerity (>= 0.7.9)
      culerity (>= 0.2.4)
      mime-types (>= 1.16)
      nokogiri (>= 1.3.3)
      rack (>= 1.0.0)
      rack-test (>= 0.5.4)
      selenium-webdriver (>= 0.0.27)
      xpath (~> 0.1.3)
    celerity (0.8.9)
    childprocess (0.1.9)
      ffi (~> 1.0.6)
    commander (4.0.4)
      highline (>= 1.5.0)
    crack (0.1.8)
    culerity (0.2.15)
    defensio (0.9.1)
      httparty (>= 0.5.0)
    diff-lcs (1.1.2)
    ffi (1.0.9)
    highline (1.6.2)
    httparty (0.7.7)
      crack (= 0.1.8)
    innate (2011.04)
      rack (>= 1.1.0)
    json (1.5.1)
    json_pure (1.5.1)
    loofah (1.0.0)
      nokogiri (>= 1.3.3)
    mime-types (1.16)
    nokogiri (1.4.4)
    rack (1.2.3)
    rack-test (0.6.0)
      rack (>= 1.0)
    rake (0.9.0)
    ramaze (2011.01.30)
      innate (>= 2010.03)
    rdiscount (1.6.8)
    rspec (2.6.0)
      rspec-core (~> 2.6.0)
      rspec-expectations (~> 2.6.0)
      rspec-mocks (~> 2.6.0)
    rspec-core (2.6.3)
    rspec-expectations (2.6.0)
      diff-lcs (~> 1.1.2)
    rspec-mocks (2.6.0)
    rubyzip (0.9.4)
    selenium-webdriver (0.2.0)
      childprocess (>= 0.1.7)
      ffi (>= 1.0.7)
      json_pure
      rubyzip
    sequel (3.23.0)
    sequel_sluggable (0.0.6)
      sequel (>= 3.0.0)
    sqlite3 (1.3.3)
    xpath (0.1.4)
      nokogiri (~> 1.3)
    yard (0.7.1)

PLATFORMS
  ruby

DEPENDENCIES
  RedCloth (>= 4.2.7)
  bcrypt-ruby (>= 2.1.4)
  capybara (>= 0.4.1.2)
  commander (>= 4.0.4)
  defensio (>= 0.9.1)
  json (>= 1.5.1)
  loofah (>= 1.0.0)
  rack (= 1.2.3)
  rack-test (>= 0.5.7)
  rake (>= 0.8.7)
  ramaze (>= 2011.01.30)
  rdiscount (>= 1.6.8)
  rspec (>= 2.5.0)
  sequel (>= 3.20.0)
  sequel_sluggable (>= 0.0.6)
  sqlite3 (>= 1.3.3)
  yard (>= 0.6.5)
